GEM
  remote: https://rubygems.org/
  specs:
    adsf (1.1.1)
      rack (>= 1.0.0)
    colored (1.2)
    cri (2.3.0)
      colored (>= 1.2)
    haml (4.0.3)
      tilt
    nanoc (3.6.4)
      cri (~> 2.3)
    rack (1.5.2)
    rubypants (0.2.0)
    sass (3.2.9)
    tilt (1.4.1)
    typogruby (1.0.15)
      rubypants
    yuicompressor (1.2.1)

PLATFORMS
  ruby

DEPENDENCIES
  adsf
  haml
  nanoc
  sass
  typogruby
  yuicompressor
