GEM
  remote: https://rubygems.org/
  specs:
    adsf (1.1.1)
      rack (>= 1.0.0)
    builder (3.2.2)
    celluloid (0.15.2)
      timers (~> 1.1.0)
    coderay (1.1.0)
    colored (1.2)
    cri (2.4.0)
      colored (>= 1.2)
    ffi (1.9.3)
    formatador (0.2.4)
    guard (2.2.4)
      formatador (>= 0.2.4)
      listen (~> 2.1)
      lumberjack (~> 1.0)
      pry (>= 0.9.12)
      thor (>= 0.18.1)
    guard-nanoc (1.0.1)
      guard (>= 1.8.0)
      nanoc (>= 3.6.3)
    haml (4.0.4)
      tilt
    json (1.8.1)
    kramdown (1.2.0)
    listen (2.2.0)
      celluloid (>= 0.15.2)
      rb-fsevent (>= 0.9.3)
      rb-inotify (>= 0.9)
    lumberjack (1.0.4)
    method_source (0.8.2)
    mini_portile (0.5.2)
    nanoc (3.6.6)
      cri (~> 2.3)
    nokogiri (1.6.0)
      mini_portile (~> 0.5.0)
    pry (0.9.12.3)
      coderay (~> 1.0)
      method_source (~> 0.8)
      slop (~> 3.4)
    rack (1.5.2)
    rake (10.1.0)
    rb-fsevent (0.9.3)
    rb-inotify (0.9.2)
      ffi (>= 0.5.0)
    rubypants (0.2.0)
    sass (3.2.12)
    slop (3.4.7)
    thor (0.18.1)
    tilt (1.4.1)
    timers (1.1.0)
    typogruby (1.0.16)
      rubypants
    w3c_validators (1.2)
      json
      nokogiri
    yuicompressor (1.2.1)

PLATFORMS
  ruby

DEPENDENCIES
  adsf
  builder
  coderay
  guard-nanoc
  haml
  kramdown
  nanoc
  nokogiri
  rake
  sass
  typogruby
  w3c_validators
  yuicompressor
